GEM
  remote: https://rubygems.org/
  specs:
    archive-tar-minitar (0.5.2)
    celluloid (0.16.0)
      timers (~> 4.0.0)
    coderay (1.1.0)
    daemons (1.1.9)
    docker-api (1.13.7)
      archive-tar-minitar
      excon (>= 0.38.0)
      json
    eventmachine (1.0.3)
    excon (0.41.0)
    ffi (1.9.5)
    formatador (0.2.5)
    guard (2.6.1)
      formatador (>= 0.2.4)
      listen (~> 2.7)
      lumberjack (~> 1.0)
      pry (>= 0.9.12)
      thor (>= 0.18.1)
    guard-pow (2.0.0)
      guard (~> 2.0)
    hitimes (1.2.2)
    hoosegow (1.2.0)
      docker-api (~> 1.13.6)
      msgpack (~> 0.5, >= 0.5.6)
      yajl-ruby (~> 1.1, >= 1.1.0)
    json (1.8.1)
    listen (2.7.9)
      celluloid (>= 0.15.2)
      rb-fsevent (>= 0.9.3)
      rb-inotify (>= 0.9)
    lumberjack (1.0.9)
    method_source (0.8.2)
    mini_portile (0.6.0)
    msgpack (0.5.9)
    newrelic_rpm (3.9.0.229)
    nokogiri (1.6.3.1)
      mini_portile (= 0.6.0)
    pry (0.10.1)
      coderay (~> 1.1.0)
      method_source (~> 0.8.1)
      slop (~> 3.4)
    rack (1.5.2)
    rack-contrib (1.1.0)
      rack (>= 0.9.1)
    rb-fsevent (0.9.4)
    rb-inotify (0.9.5)
      ffi (>= 0.5.0)
    slop (3.6.0)
    thin (1.6.2)
      daemons (>= 1.0.9)
      eventmachine (>= 1.0.0)
      rack (>= 1.0.0)
    thor (0.19.1)
    timers (4.0.1)
      hitimes
    yajl-ruby (1.2.1)

PLATFORMS
  ruby

DEPENDENCIES
  guard
  guard-pow
  hoosegow
  newrelic_rpm
  nokogiri
  pry
  rack
  rack-contrib
  thin
